GIT
  remote: https://github.com/ezrondre/bootstrap3-datetimepicker-rails.git
  revision: 0654ba2607ad8428eb130a5469ad1f5a5b80fe4e
  specs:
    bootstrap3-datetimepicker-rails (4.17.47)
      momentjs-rails (>= 2.8.1)

GEM
  remote: https://rubygems.org/
  remote: https://rails-assets.org/
  specs:
    actioncable (5.1.4)
      actionpack (= 5.1.4)
      nio4r (~> 2.0)
      websocket-driver (~> 0.6.1)
    actionmailer (5.1.4)
      actionpack (= 5.1.4)
      actionview (= 5.1.4)
      activejob (= 5.1.4)
      mail (~> 2.5, >= 2.5.4)
      rails-dom-testing (~> 2.0)
    actionpack (5.1.4)
      actionview (= 5.1.4)
      activesupport (= 5.1.4)
      rack (~> 2.0)
      rack-test (>= 0.6.3)
      rails-dom-testing (~> 2.0)
      rails-html-sanitizer (~> 1.0, >= 1.0.2)
    actionview (5.1.4)
      activesupport (= 5.1.4)
      builder (~> 3.1)
      erubi (~> 1.4)
      rails-dom-testing (~> 2.0)
      rails-html-sanitizer (~> 1.0, >= 1.0.3)
    activejob (5.1.4)
      activesupport (= 5.1.4)
      globalid (>= 0.3.6)
    activemodel (5.1.4)
      activesupport (= 5.1.4)
    activemodel-serializers-xml (1.0.2)
      activemodel (> 5.x)
      activesupport (> 5.x)
      builder (~> 3.1)
    activerecord (5.1.4)
      activemodel (= 5.1.4)
      activesupport (= 5.1.4)
      arel (~> 8.0)
    activeresource (5.0.0)
      activemodel (>= 5.0, < 6)
      activemodel-serializers-xml (~> 1.0)
      activesupport (>= 5.0, < 6)
    activesupport (5.1.4)
      concurrent-ruby (~> 1.0, >= 1.0.2)
      i18n (~> 0.7)
      minitest (~> 5.1)
      tzinfo (~> 1.1)
    addressable (2.5.2)
      public_suffix (>= 2.0.2, < 4.0)
    airbrussh (1.3.0)
      sshkit (>= 1.6.1, != 1.7.0)
    akami (1.3.1)
      gyoku (>= 0.4.0)
      nokogiri
    arel (8.0.0)
    audited (4.5.0)
      activerecord (>= 4.0, < 5.2)
    autoprefixer-rails (7.1.6)
      execjs
    azahara_schema (0.1.8)
      rails (~> 5.0)
    bcrypt (3.1.11)
    bindex (0.5.0)
    bootstrap (4.0.0.beta2.1)
      autoprefixer-rails (>= 6.0.3)
      popper_js (>= 1.12.3, < 2)
      sass (>= 3.5.2)
    bootstrap_form (2.7.0)
    builder (3.2.3)
    byebug (9.1.0)
    cancancan (2.0.0)
    capistrano (3.10.0)
      airbrussh (>= 1.0.0)
      i18n
      rake (>= 10.0.0)
      sshkit (>= 1.9.0)
    capistrano-bundler (1.3.0)
      capistrano (~> 3.1)
      sshkit (~> 1.2)
    capistrano-rails (1.3.0)
      capistrano (~> 3.1)
      capistrano-bundler (~> 1.1)
    capistrano3-unicorn (0.2.1)
      capistrano (~> 3.1, >= 3.1.0)
    coderay (1.1.2)
    coffee-rails (4.2.2)
      coffee-script (>= 2.2.0)
      railties (>= 4.0.0)
    coffee-script (2.4.1)
      coffee-script-source
      execjs
    coffee-script-source (1.12.2)
    concurrent-ruby (1.0.5)
    crack (0.4.3)
      safe_yaml (~> 1.0.0)
    crass (1.0.2)
    database_cleaner (1.6.2)
    diff-lcs (1.3)
    egon_gate (0.1.0)
      savon (~> 2.11.0)
    egov_utils (0.1.15)
      audited (~> 4.4)
      azahara_schema (~> 0.1.0)
      bcrypt (~> 3.1.11)
      bootstrap (~> 4.0.0.beta)
      bootstrap_form (~> 2.7)
      cancancan (~> 2.0)
      egon_gate (~> 0.1.0)
      font-awesome-sass (~> 4.7)
      haml (~> 5.0)
      i18n-js (~> 3.0)
      jquery-rails (~> 4.3)
      jquery-ui-rails (~> 6.0)
      momentjs-rails (~> 2.17)
      net-ldap (~> 0.16)
      rails (~> 5.1)
      rails-i18n (~> 5.0)
      request_store_rails (~> 1.0)
    erubi (1.7.0)
    execjs (2.7.0)
    factory_bot (4.8.2)
      activesupport (>= 3.0.0)
    factory_bot_rails (4.8.2)
      factory_bot (~> 4.8.2)
      railties (>= 3.0.0)
    ffi (1.9.18)
    font-awesome-sass (4.7.0)
      sass (>= 3.2)
    globalid (0.4.1)
      activesupport (>= 4.2.0)
    gyoku (1.3.1)
      builder (>= 2.1.2)
    haml (5.0.4)
      temple (>= 0.8.0)
      tilt
    hashdiff (0.3.7)
    httpi (2.4.2)
      rack
      socksify
    i18n (0.9.1)
      concurrent-ruby (~> 1.0)
    i18n-debug (1.1.0)
      i18n (< 1)
    i18n-js (3.0.2)
      i18n (~> 0.6, >= 0.6.6)
    jbuilder (2.7.0)
      activesupport (>= 4.2.0)
      multi_json (>= 1.2)
    jquery-rails (4.3.1)
      rails-dom-testing (>= 1, < 3)
      railties (>= 4.2.0)
      thor (>= 0.14, < 2.0)
    jquery-ui-rails (6.0.1)
      railties (>= 3.2.16)
    kgio (2.11.0)
    libv8 (3.16.14.19)
    listen (3.1.5)
      rb-fsevent (~> 0.9, >= 0.9.4)
      rb-inotify (~> 0.9, >= 0.9.7)
      ruby_dep (~> 1.2)
    loofah (2.1.1)
      crass (~> 1.0.2)
      nokogiri (>= 1.5.9)
    mail (2.7.0)
      mini_mime (>= 0.1.1)
    method_source (0.9.0)
    mini_mime (1.0.0)
    mini_portile2 (2.3.0)
    minitest (5.10.3)
    momentjs-rails (2.17.1)
      railties (>= 3.1)
    multi_json (1.12.2)
    net-ldap (0.16.1)
    net-scp (1.2.1)
      net-ssh (>= 2.6.5)
    net-ssh (4.2.0)
    nio4r (2.1.0)
    nokogiri (1.8.1)
      mini_portile2 (~> 2.3.0)
    nori (2.6.0)
    pg (0.21.0)
    popper_js (1.12.5)
    pry (0.11.2)
      coderay (~> 1.1.0)
      method_source (~> 0.9.0)
    pry-rails (0.3.6)
      pry (>= 0.10.4)
    public_suffix (3.0.1)
    puma (3.10.0)
    rack (2.0.3)
    rack-test (0.7.0)
      rack (>= 1.0, < 3)
    rails (5.1.4)
      actioncable (= 5.1.4)
      actionmailer (= 5.1.4)
      actionpack (= 5.1.4)
      actionview (= 5.1.4)
      activejob (= 5.1.4)
      activemodel (= 5.1.4)
      activerecord (= 5.1.4)
      activesupport (= 5.1.4)
      bundler (>= 1.3.0)
      railties (= 5.1.4)
      sprockets-rails (>= 2.0.0)
    rails-assets-tether (1.4.0)
    rails-dom-testing (2.0.3)
      activesupport (>= 4.2.0)
      nokogiri (>= 1.6)
    rails-html-sanitizer (1.0.3)
      loofah (~> 2.0)
    rails-i18n (5.0.4)
      i18n (~> 0.7)
      railties (~> 5.0)
    railties (5.1.4)
      actionpack (= 5.1.4)
      activesupport (= 5.1.4)
      method_source
      rake (>= 0.8.7)
      thor (>= 0.18.1, < 2.0)
    raindrops (0.19.0)
    rake (12.2.1)
    rb-fsevent (0.10.2)
    rb-inotify (0.9.10)
      ffi (>= 0.5.0, < 2)
    ref (2.0.0)
    request_store_rails (1.0.3)
      concurrent-ruby (~> 1.0)
    rspec-core (3.7.0)
      rspec-support (~> 3.7.0)
    rspec-expectations (3.7.0)
      diff-lcs (>= 1.2.0, < 2.0)
      rspec-support (~> 3.7.0)
    rspec-mocks (3.7.0)
      diff-lcs (>= 1.2.0, < 2.0)
      rspec-support (~> 3.7.0)
    rspec-rails (3.7.1)
      actionpack (>= 3.0)
      activesupport (>= 3.0)
      railties (>= 3.0)
      rspec-core (~> 3.7.0)
      rspec-expectations (~> 3.7.0)
      rspec-mocks (~> 3.7.0)
      rspec-support (~> 3.7.0)
    rspec-support (3.7.0)
    ruby_dep (1.5.0)
    safe_yaml (1.0.4)
    sass (3.5.3)
      sass-listen (~> 4.0.0)
    sass-listen (4.0.0)
      rb-fsevent (~> 0.9, >= 0.9.4)
      rb-inotify (~> 0.9, >= 0.9.7)
    sass-rails (5.0.6)
      railties (>= 4.0.0, < 6)
      sass (~> 3.1)
      sprockets (>= 2.8, < 4.0)
      sprockets-rails (>= 2.0, < 4.0)
      tilt (>= 1.1, < 3)
    savon (2.11.2)
      akami (~> 1.2)
      builder (>= 2.1.2)
      gyoku (~> 1.2)
      httpi (~> 2.3)
      nokogiri (>= 1.4.0)
      nori (~> 2.4)
      wasabi (~> 3.4)
    socksify (1.7.1)
    spring (2.0.2)
      activesupport (>= 4.2)
    spring-watcher-listen (2.0.1)
      listen (>= 2.7, < 4.0)
      spring (>= 1.2, < 3.0)
    sprockets (3.7.1)
      concurrent-ruby (~> 1.0)
      rack (> 1, < 3)
    sprockets-rails (3.2.1)
      actionpack (>= 4.0)
      activesupport (>= 4.0)
      sprockets (>= 3.0.0)
    sshkit (1.15.0)
      net-scp (>= 1.1.2)
      net-ssh (>= 2.8.0)
    temple (0.8.0)
    therubyracer (0.12.3)
      libv8 (~> 3.16.14.15)
      ref
    thor (0.20.0)
    thread_safe (0.3.6)
    tilt (2.0.8)
    turbolinks (5.0.1)
      turbolinks-source (~> 5)
    turbolinks-source (5.0.3)
    tzinfo (1.2.4)
      thread_safe (~> 0.1)
    uglifier (3.2.0)
      execjs (>= 0.3.0, < 3)
    unicorn (5.3.1)
      kgio (~> 2.6)
      raindrops (~> 0.7)
    wasabi (3.5.0)
      httpi (~> 2.0)
      nokogiri (>= 1.4.2)
    web-console (3.5.1)
      actionview (>= 5.0)
      activemodel (>= 5.0)
      bindex (>= 0.4.0)
      railties (>= 5.0)
    webmock (3.1.0)
      addressable (>= 2.3.6)
      crack (>= 0.3.2)
      hashdiff
    websocket-driver (0.6.5)
      websocket-extensions (>= 0.1.0)
    websocket-extensions (0.1.2)

PLATFORMS
  ruby

DEPENDENCIES
  activeresource
  bootstrap (~> 4.0.0.beta)
  bootstrap3-datetimepicker-rails!
  bootstrap_form
  byebug
  capistrano-rails
  capistrano3-unicorn
  coffee-rails (~> 4.2)
  database_cleaner
  egov_utils (~> 0.1.8)
  factory_bot_rails (~> 4.0)
  font-awesome-sass
  haml
  i18n-debug
  jbuilder (~> 2.5)
  jquery-rails
  jquery-ui-rails
  listen (>= 3.0.5, < 3.2)
  momentjs-rails (>= 2.9.0)
  pg
  pry-rails
  puma (~> 3.7)
  rails (~> 5.1.3)
  rails-assets-tether (>= 1.3.3)!
  rails-i18n (~> 5.0.0)
  rspec-rails
  sass-rails (~> 5.0)
  spring
  spring-watcher-listen (~> 2.0.0)
  therubyracer
  turbolinks (~> 5)
  tzinfo-data
  uglifier (>= 1.3.0)
  unicorn
  web-console (>= 3.3.0)
  webmock

BUNDLED WITH
   1.14.5
